GEM
  remote: https://rubygems.org/
  specs:
    ffi (1.15.5-x64-mingw-ucrt)
    listen (3.8.0)
      rb-fsevent (~> 0.10, >= 0.10.3)
      rb-inotify (~> 0.9, >= 0.9.10)
    rack (3.0.7)
    rake (13.0.6)
    rb-fsevent (0.11.2)
    rb-inotify (0.10.1)
      ffi (~> 1.0)
    rerun (0.14.0)
      listen (~> 3.0)
    roda (2.29.0)
      rack
    wdm (0.1.1)

PLATFORMS
  x64-mingw-ucrt

DEPENDENCIES
  rack
  rake
  rerun
  roda
  wdm

BUNDLED WITH
   2.3.26
